PATH
  remote: .
  specs:
    insider_trading (0.1.0)

GEM
  remote: https://rubygems.org/
  specs:
    rake (10.5.0)

PLATFORMS
  ruby

DEPENDENCIES
  bundler (~> 1.15)
  insider_trading!
  rake (~> 10.0)

BUNDLED WITH
   1.15.4
